GEM
  remote: http://rubygems.org/
  specs:
    ffi (1.0.11)
    git (1.2.5)
    guard (1.0.3)
      ffi (>= 0.5.0)
      thor (>= 0.14.6)
    guard-test (0.4.3)
      guard (>= 0.4)
      test-unit (~> 2.2)
    jeweler (1.8.3)
      bundler (~> 1.0)
      git (>= 1.2.5)
      rake
      rdoc
    json (1.7.3)
    mysql2 (0.3.11)
    polyglot (0.3.3)
    rake (0.9.2.2)
    rdoc (3.12)
      json (~> 1.4)
    sequel (3.35.0)
    sqlite3 (1.3.6)
    test-unit (2.4.8)
    thor (0.15.2)
    treetop (1.4.10)
      polyglot
      polyglot (>= 0.3.1)

PLATFORMS
  ruby

DEPENDENCIES
  bundler
  guard-test
  jeweler
  mysql2
  sequel
  sqlite3
  treetop
